GEM
  remote: https://rubygems.org/
  specs:
    actioncable (7.0.4.3)
      actionpack (= 7.0.4.3)
      activesupport (= 7.0.4.3)
      nio4r (~> 2.0)
      websocket-driver (>= 0.6.1)
    actionmailbox (7.0.4.3)
      actionpack (= 7.0.4.3)
      activejob (= 7.0.4.3)
      activerecord (= 7.0.4.3)
      activestorage (= 7.0.4.3)
      activesupport (= 7.0.4.3)
      mail (>= 2.7.1)
      net-imap
      net-pop
      net-smtp
    actionmailer (7.0.4.3)
      actionpack (= 7.0.4.3)
      actionview (= 7.0.4.3)
      activejob (= 7.0.4.3)
      activesupport (= 7.0.4.3)
      mail (~> 2.5, >= 2.5.4)
      net-imap
      net-pop
      net-smtp
      rails-dom-testing (~> 2.0)
    actionpack (7.0.4.3)
      actionview (= 7.0.4.3)
      activesupport (= 7.0.4.3)
      rack (~> 2.0, >= 2.2.0)
      rack-test (>= 0.6.3)
      rails-dom-testing (~> 2.0)
      rails-html-sanitizer (~> 1.0, >= 1.2.0)
    actiontext (7.0.4.3)
      actionpack (= 7.0.4.3)
      activerecord (= 7.0.4.3)
      activestorage (= 7.0.4.3)
      activesupport (= 7.0.4.3)
      globalid (>= 0.6.0)
      nokogiri (>= 1.8.5)
    actionview (7.0.4.3)
      activesupport (= 7.0.4.3)
      builder (~> 3.1)
      erubi (~> 1.4)
      rails-dom-testing (~> 2.0)
      rails-html-sanitizer (~> 1.1, >= 1.2.0)
    activejob (7.0.4.3)
      activesupport (= 7.0.4.3)
      globalid (>= 0.3.6)
    activemodel (7.0.4.3)
      activesupport (= 7.0.4.3)
    activerecord (7.0.4.3)
      activemodel (= 7.0.4.3)
      activesupport (= 7.0.4.3)
    activestorage (7.0.4.3)
      actionpack (= 7.0.4.3)
      activejob (= 7.0.4.3)
      activerecord (= 7.0.4.3)
      activesupport (= 7.0.4.3)
      marcel (~> 1.0)
      mini_mime (>= 1.1.0)
    activesupport (7.0.4.3)
      concurrent-ruby (~> 1.0, >= 1.0.2)
      i18n (>= 1.6, < 2)
      minitest (>= 5.1)
      tzinfo (~> 2.0)
    addressable (2.8.4)
      public_suffix (>= 2.0.2, < 6.0)
    bcrypt (3.1.18)
    bindex (0.8.1)
    bootsnap (1.16.0)
      msgpack (~> 1.2)
    builder (3.2.4)
    byebug (11.1.3)
    chronic (0.10.2)
    coderay (1.1.3)
    concurrent-ruby (1.2.2)
    crass (1.0.6)
    date (3.3.3)
    debug (1.7.2)
      irb (>= 1.5.0)
      reline (>= 0.3.1)
    declarative (0.0.20)
    deepl-rb (2.5.3)
    dotenv (2.8.1)
    dotenv-rails (2.8.1)
      dotenv (= 2.8.1)
      railties (>= 3.2)
    erubi (1.12.0)
    faraday (0.17.6)
      multipart-post (>= 1.2, < 3)
    faraday_middleware (0.14.0)
      faraday (>= 0.7.4, < 1.0)
    gems (1.2.0)
    giantbomb-api (1.6.1)
      httparty
    globalid (1.1.0)
      activesupport (>= 5.0)
    google-api-client (0.53.0)
      google-apis-core (~> 0.1)
      google-apis-generator (~> 0.1)
    google-apis-core (0.11.0)
      addressable (~> 2.5, >= 2.5.1)
      googleauth (>= 0.16.2, < 2.a)
      httpclient (>= 2.8.1, < 3.a)
      mini_mime (~> 1.0)
      representable (~> 3.0)
      retriable (>= 2.0, < 4.a)
      rexml
      webrick
    google-apis-discovery_v1 (0.14.0)
      google-apis-core (>= 0.11.0, < 2.a)
    google-apis-generator (0.12.0)
      activesupport (>= 5.0)
      gems (~> 1.2)
      google-apis-core (>= 0.11.0, < 2.a)
      google-apis-discovery_v1 (~> 0.5)
      thor (>= 0.20, < 2.a)
    google-apis-youtube_v3 (0.28.0)
      google-apis-core (>= 0.11.0, < 2.a)
    googleauth (1.5.2)
      faraday (>= 0.17.3, < 3.a)
      jwt (>= 1.4, < 3.0)
      memoist (~> 0.16)
      multi_json (~> 1.11)
      os (>= 0.9, < 2.0)
      signet (>= 0.16, < 2.a)
    hashie (5.0.0)
    high_voltage (3.1.2)
    httparty (0.21.0)
      mini_mime (>= 1.0.0)
      multi_xml (>= 0.5.2)
    httpclient (2.8.3)
    i18n (1.13.0)
      concurrent-ruby (~> 1.0)
    importmap-rails (1.1.6)
      actionpack (>= 6.0.0)
      railties (>= 6.0.0)
    io-console (0.6.0)
    irb (1.6.4)
      reline (>= 0.3.0)
    jbuilder (2.11.5)
      actionview (>= 5.0.0)
      activesupport (>= 5.0.0)
    jwt (2.7.0)
    kaminari (1.2.2)
      activesupport (>= 4.1.0)
      kaminari-actionview (= 1.2.2)
      kaminari-activerecord (= 1.2.2)
      kaminari-core (= 1.2.2)
    kaminari-actionview (1.2.2)
      actionview
      kaminari-core (= 1.2.2)
    kaminari-activerecord (1.2.2)
      activerecord
      kaminari-core (= 1.2.2)
    kaminari-core (1.2.2)
    launchy (2.5.2)
      addressable (~> 2.8)
    letter_opener (1.8.1)
      launchy (>= 2.2, < 3)
    letter_opener_web (2.0.0)
      actionmailer (>= 5.2)
      letter_opener (~> 1.7)
      railties (>= 5.2)
      rexml
    loofah (2.20.0)
      crass (~> 1.0.2)
      nokogiri (>= 1.5.9)
    mail (2.8.1)
      mini_mime (>= 0.1.1)
      net-imap
      net-pop
      net-smtp
    marcel (1.0.2)
    memoist (0.16.2)
    method_source (1.0.0)
    mini_mime (1.1.2)
    minitest (5.18.0)
    msgpack (1.7.0)
    multi_json (1.15.0)
    multi_xml (0.6.0)
    multipart-post (2.3.0)
    mysql2 (0.5.5)
    net-imap (0.3.4)
      date
      net-protocol
    net-pop (0.1.2)
      net-protocol
    net-protocol (0.2.1)
      timeout
    net-smtp (0.3.3)
      net-protocol
    nio4r (2.5.9)
    nokogiri (1.14.3-arm64-darwin)
      racc (~> 1.4)
    nokogiri (1.14.3-x86_64-linux)
      racc (~> 1.4)
    oauth (1.1.0)
      oauth-tty (~> 1.0, >= 1.0.1)
      snaky_hash (~> 2.0)
      version_gem (~> 1.1)
    oauth-tty (1.0.5)
      version_gem (~> 1.1, >= 1.1.1)
    oauth2 (2.0.9)
      faraday (>= 0.17.3, < 3.0)
      jwt (>= 1.0, < 3.0)
      multi_xml (~> 0.5)
      rack (>= 1.2, < 4)
      snaky_hash (~> 2.0)
      version_gem (~> 1.1)
    os (1.1.4)
    pry (0.14.2)
      coderay (~> 1.1)
      method_source (~> 1.0)
    pry-byebug (3.10.1)
      byebug (~> 11.0)
      pry (>= 0.13, < 0.15)
    public_suffix (5.0.1)
    puma (5.6.5)
      nio4r (~> 2.0)
    racc (1.6.2)
    rack (2.2.7)
    rack-test (2.1.0)
      rack (>= 1.3)
    rails (7.0.4.3)
      actioncable (= 7.0.4.3)
      actionmailbox (= 7.0.4.3)
      actionmailer (= 7.0.4.3)
      actionpack (= 7.0.4.3)
      actiontext (= 7.0.4.3)
      actionview (= 7.0.4.3)
      activejob (= 7.0.4.3)
      activemodel (= 7.0.4.3)
      activerecord (= 7.0.4.3)
      activestorage (= 7.0.4.3)
      activesupport (= 7.0.4.3)
      bundler (>= 1.15.0)
      railties (= 7.0.4.3)
    rails-dom-testing (2.0.3)
      activesupport (>= 4.2.0)
      nokogiri (>= 1.6)
    rails-html-sanitizer (1.5.0)
      loofah (~> 2.19, >= 2.19.1)
    rails-i18n (7.0.6)
      i18n (>= 0.7, < 2)
      railties (>= 6.0.0, < 8)
    railties (7.0.4.3)
      actionpack (= 7.0.4.3)
      activesupport (= 7.0.4.3)
      method_source
      rake (>= 12.2)
      thor (~> 1.0)
      zeitwerk (~> 2.5)
    rake (13.0.6)
    reline (0.3.3)
      io-console (~> 0.5)
    representable (3.2.0)
      declarative (< 0.1.0)
      trailblazer-option (>= 0.1.1, < 0.2.0)
      uber (< 0.2.0)
    retriable (3.1.2)
    rexml (3.2.5)
    signet (0.17.0)
      addressable (~> 2.8)
      faraday (>= 0.17.5, < 3.a)
      jwt (>= 1.5, < 3.0)
      multi_json (~> 1.10)
    snaky_hash (2.0.1)
      hashie
      version_gem (~> 1.1, >= 1.1.1)
    sorcery (0.16.5)
      bcrypt (~> 3.1)
      oauth (>= 0.6)
      oauth2 (~> 2.0)
    sprockets (4.2.0)
      concurrent-ruby (~> 1.0)
      rack (>= 2.2.4, < 4)
    sprockets-rails (3.4.2)
      actionpack (>= 5.2)
      activesupport (>= 5.2)
      sprockets (>= 3.0.0)
    stimulus-rails (1.2.1)
      railties (>= 6.0.0)
    tailwindcss-rails (2.0.29-arm64-darwin)
      railties (>= 6.0.0)
    tailwindcss-rails (2.0.29-x86_64-linux)
      railties (>= 6.0.0)
    thor (1.2.1)
    timeout (0.3.2)
    trailblazer-option (0.1.2)
    turbo-rails (1.4.0)
      actionpack (>= 6.0.0)
      activejob (>= 6.0.0)
      railties (>= 6.0.0)
    twitch-api (0.4.0)
      faraday (>= 0.12.2)
      faraday_middleware (~> 0.12)
    tzinfo (2.0.6)
      concurrent-ruby (~> 1.0)
    uber (0.1.0)
    version_gem (1.1.2)
    web-console (4.2.0)
      actionview (>= 6.0.0)
      activemodel (>= 6.0.0)
      bindex (>= 0.4.0)
      railties (>= 6.0.0)
    webrick (1.8.1)
    websocket-driver (0.7.5)
      websocket-extensions (>= 0.1.0)
    websocket-extensions (0.1.5)
    whenever (1.0.0)
      chronic (>= 0.6.3)
    zeitwerk (2.6.8)

PLATFORMS
  arm64-darwin-22
  x86_64-linux

DEPENDENCIES
  bootsnap
  bundler (~> 2.4.12)
  debug
  deepl-rb
  dotenv-rails
  giantbomb-api
  google-api-client
  google-apis-youtube_v3
  high_voltage
  httparty
  importmap-rails
  jbuilder
  kaminari
  letter_opener_web (~> 2.0)
  mysql2 (~> 0.5)
  pry-byebug
  puma (~> 5.0)
  rails (~> 7.0.4, >= 7.0.4.3)
  rails-i18n
  sorcery
  sprockets-rails
  stimulus-rails
  tailwindcss-rails (~> 2.0)
  turbo-rails
  twitch-api
  tzinfo-data
  web-console
  whenever

RUBY VERSION
   ruby 3.2.2p53

BUNDLED WITH
   2.4.12
